GEM
  remote: https://rubygems.org/
  specs:
    ox (2.8.2)

PLATFORMS
  ruby

DEPENDENCIES
  ox (~> 2.2)

BUNDLED WITH
   1.15.4
